GIT
  remote: git://github.com/gemhome/rmagick.git
  revision: db4e87a3c888c36118bc3ce58e466bcda134460f
  specs:
    rmagick (2.13.3)

GIT
  remote: https://github.com/perrystreetsoftware/clientside_aws.git
  revision: 7652b8d1b605c4da503478d89ed69053834f4e99
  specs:
    clientside_aws (0.0.5)
      aws-sdk (= 1.35.0)
      builder (= 3.1.4)
      httparty (= 0.11.0)
      macaddr (= 1.6.7)
      mini_portile (= 0.5.2)
      monkey-lib (= 0.5.4)
      nokogiri (= 1.6.1)
      rack (= 1.5.2)
      rack-cors (= 0.2.9)
      redis (= 3.0.1)
      sinatra (= 1.4.2)
      sinatra-reloader (= 0.5.0)
      sinatra-sugar (= 0.5.1)
      uuid (= 2.3.1)
      uuidtools (= 2.1.4)

GEM
  remote: https://rubygems.org/
  remote: http://gems.github.com/
  specs:
    aws-sdk (1.35.0)
      json (~> 1.4)
      nokogiri (>= 1.4.4)
      uuidtools (~> 2.1)
    backports (3.6.4)
    builder (3.1.4)
    diff-lcs (1.2.5)
    hiredis (0.4.5)
    httparty (0.11.0)
      multi_json (~> 1.0)
      multi_xml (>= 0.5.2)
    json (1.8.1)
    macaddr (1.6.7)
      systemu (~> 2.6.2)
    mime-types (2.4.3)
    mini_portile (0.5.2)
    monkey-lib (0.5.4)
      backports
    multi_json (1.10.1)
    multi_xml (0.5.5)
    multipart-post (2.0.0)
    nokogiri (1.6.1)
      mini_portile (~> 0.5.0)
    rack (1.5.2)
    rack-cors (0.2.9)
    rack-protection (1.5.3)
      rack
    rack-test (0.5.7)
      rack (>= 1.0)
    redis (3.0.1)
    require_all (1.3.2)
    rspec (2.14.1)
      rspec-core (~> 2.14.0)
      rspec-expectations (~> 2.14.0)
      rspec-mocks (~> 2.14.0)
    rspec-core (2.14.8)
    rspec-expectations (2.14.5)
      diff-lcs (>= 1.1.3, < 2.0)
    rspec-mocks (2.14.6)
    sinatra (1.4.2)
      rack (~> 1.5, >= 1.5.2)
      rack-protection (~> 1.4)
      tilt (~> 1.3, >= 1.3.4)
    sinatra-advanced-routes (0.5.3)
      sinatra (~> 1.0)
    sinatra-reloader (0.5.0)
      sinatra (~> 1.0)
      sinatra-advanced-routes (~> 0.5.0)
    sinatra-sugar (0.5.1)
      monkey-lib (~> 0.5.0)
      sinatra (~> 1.0)
    systemu (2.6.4)
    tilt (1.4.1)
    uuid (2.3.1)
      macaddr (~> 1.0)
    uuidtools (2.1.4)

PLATFORMS
  ruby

DEPENDENCIES
  aws-sdk (= 1.35.0)
  builder (= 3.1.4)
  clientside_aws!
  hiredis (= 0.4.5)
  json (~> 1.4)
  mime-types (~> 2.3)
  multipart-post (= 2.0.0)
  rack-test (= 0.5.7)
  require_all (= 1.3.2)
  rmagick!
  rspec (= 2.14.1)
  uuid (= 2.3.1)
