GEM
  remote: https://rubygems.org/
  remote: http://gems.github.com/
  specs:
    aws-sdk (1.35.0)
      json (~> 1.4)
      nokogiri (>= 1.4.4)
      uuidtools (~> 2.1)
    builder (3.1.0)
    diff-lcs (1.2.5)
    hiredis (0.4.5)
    httparty (0.11.0)
      multi_json (~> 1.0)
      multi_xml (>= 0.5.2)
    json (1.8.1)
    macaddr (1.7.1)
      systemu (~> 2.6.2)
    mime-types (2.3)
    mini_portile (0.6.0)
    multi_json (1.10.1)
    multi_xml (0.5.5)
    multipart-post (2.0.0)
    nokogiri (1.6.2.1)
      mini_portile (= 0.6.0)
    rack (1.5.2)
    rack-protection (1.5.3)
      rack
    rack-test (0.5.7)
      rack (>= 1.0)
    redis (3.0.1)
    require_all (1.2.1)
    rspec (2.14.1)
      rspec-core (~> 2.14.0)
      rspec-expectations (~> 2.14.0)
      rspec-mocks (~> 2.14.0)
    rspec-core (2.14.8)
    rspec-expectations (2.14.5)
      diff-lcs (>= 1.1.3, < 2.0)
    rspec-mocks (2.14.6)
    sinatra (1.4.2)
      rack (~> 1.5, >= 1.5.2)
      rack-protection (~> 1.4)
      tilt (~> 1.3, >= 1.3.4)
    systemu (2.6.4)
    tilt (1.4.1)
    uuid (2.3.1)
      macaddr (~> 1.0)
    uuidtools (2.1.4)

PLATFORMS
  ruby

DEPENDENCIES
  aws-sdk (= 1.35.0)
  builder (= 3.1.0)
  hiredis (= 0.4.5)
  httparty (= 0.11.0)
  json (= 1.8.1)
  mime-types (~> 2.2)
  multipart-post (= 2.0.0)
  rack-test (= 0.5.7)
  redis (= 3.0.1)
  require_all (= 1.2.1)
  rspec (= 2.14.1)
  sinatra (= 1.4.2)
  uuid (= 2.3.1)
