GEM
  remote: https://rubygems.org/
  specs:
    aws-sdk (1.66.0)
      aws-sdk-v1 (= 1.66.0)
    aws-sdk-v1 (1.66.0)
      json (~> 1.4)
      nokogiri (>= 1.4.4)
    builder (3.1.4)
    dentaku (2.0.8)
    json (1.8.3)
    mime-types (2.99.1)
    mini_portile2 (2.0.0)
    multipart-post (2.0.0)
    nokogiri (1.6.7.2)
      mini_portile2 (~> 2.0.0.rc2)
    require_all (1.3.2)

PLATFORMS
  ruby

DEPENDENCIES
  aws-sdk (= 1.66.0)
  builder (~> 3.1.4)
  dentaku (~> 2.0.8)
  json (~> 1.4)
  mime-types (~> 2.3)
  multipart-post (~> 2.0.0)
  require_all (= 1.3.2)

BUNDLED WITH
   1.12.4
